GEM
  remote: https://rubygems.org/
  specs:
    curb (0.9.11)
    mysql2 (0.5.3)
    rack (2.2.3)
    rack-console (1.3.1)
      rack (>= 1.1)
      rack-test
    rack-test (1.1.0)
      rack (>= 1.0, < 3)

PLATFORMS
  aarch64-linux

DEPENDENCIES
  curb
  mysql2
  rack
  rack-console

BUNDLED WITH
   2.2.5
