GEM
  remote: https://rubygems.org/
  specs:
    curb (0.9.11)
    rack (2.2.3)

PLATFORMS
  aarch64-linux

DEPENDENCIES
  curb
  rack

BUNDLED WITH
   2.2.5
